GIT
  remote: git@github.com:rtomayko/shotgun.git
  revision: 9ad259047cd8c650e34fe240b31e09671bc832ef
  specs:
    shotgun (0.9)
      rack (>= 1.0)

GEM
  remote: https://rubygems.org/
  specs:
    rack (1.5.2)
    rack-protection (1.5.0)
      rack
    sinatra (1.4.2)
      rack (~> 1.5, >= 1.5.2)
      rack-protection (~> 1.4)
      tilt (~> 1.3, >= 1.3.4)
    tilt (1.4.1)

PLATFORMS
  ruby

DEPENDENCIES
  shotgun!
  sinatra
